PATH
  remote: .
  specs:
    epg_util (1.9.2)
      everyday-cli-utils (~> 1.8, >= 1.8.7.2)
      everyday-plugins (~> 1.2, >= 1.2.2)
      everyday_natsort (~> 1.0, >= 1.0.4)
      rbe (~> 5.3, >= 5.3.1)

GEM
  remote: https://rubygems.org/
  specs:
    corefoundation (0.2.0)
      ffi
    everyday-cli-utils (1.8.7.2)
    everyday-plugins (1.2.2)
      everyday-cli-utils (~> 1.8, >= 1.8.7.2)
    everyday_natsort (1.0.4)
    everyday_thor_util (2.0.8)
      everyday-plugins (~> 1.2, >= 1.2.2)
      thor (~> 0.20, >= 0.20.3)
    ffi (1.11.1)
    rake (12.3.3)
    rbe (5.3.1)
      everyday-cli-utils (~> 1.8, >= 1.8.7.2)
      everyday_natsort (~> 1.0, >= 1.0.4)
      everyday_thor_util (~> 2.0, >= 2.0.8)
      ruby-keychain (~> 0.3, >= 0.3.2)
      thor (~> 0.20, >= 0.20.3)
    ruby-keychain (0.3.2)
      corefoundation (~> 0.2.0)
      ffi
    thor (0.20.3)

PLATFORMS
  ruby

DEPENDENCIES
  bundler (~> 2.0)
  epg_util!
  rake (~> 12.3)

BUNDLED WITH
   2.0.2
