PATH
  remote: .
  specs:
    epg_util (1.9.1)
      everyday-cli-utils (~> 1.8, >= 1.8.7.1)
      everyday-plugins (~> 1.2, >= 1.2.1)
      everyday_natsort (~> 1.0, >= 1.0.3)
      net-ssh-gateway (~> 2.0, >= 2.0.0)
      rbe (~> 5.1, >= 5.1.6)
      tty-prompt (~> 0.15, >= 0.15.0)

GEM
  remote: https://rubygems.org/
  specs:
    corefoundation (0.2.0)
      ffi
    equatable (0.5.0)
    everyday-cli-utils (1.8.7.1)
    everyday-plugins (1.2.1)
      everyday-cli-utils (~> 1.8, >= 1.8.6)
    everyday_natsort (1.0.3)
    everyday_thor_util (2.0.7)
      everyday-plugins (~> 1.2, >= 1.2.1)
      thor (~> 0.19)
    ffi (1.10.0)
    necromancer (0.4.0)
    net-ssh (5.1.0)
    net-ssh-gateway (2.0.0)
      net-ssh (>= 4.0.0)
    pastel (0.7.2)
      equatable (~> 0.5.0)
      tty-color (~> 0.4.0)
    rake (12.3.2)
    rbe (5.1.9)
      everyday_natsort (~> 1.0, >= 1.0.3)
      everyday_thor_util (~> 2.0, >= 2.0.7)
      ruby-keychain (~> 0.3, >= 0.3.2)
      thor (~> 0.20, >= 0.20.0)
    ruby-keychain (0.3.2)
      corefoundation (~> 0.2.0)
      ffi
    thor (0.20.3)
    timers (4.3.0)
    tty-color (0.4.3)
    tty-cursor (0.6.0)
    tty-prompt (0.18.1)
      necromancer (~> 0.4.0)
      pastel (~> 0.7.0)
      timers (~> 4.0)
      tty-cursor (~> 0.6.0)
      tty-reader (~> 0.5.0)
    tty-reader (0.5.0)
      tty-cursor (~> 0.6.0)
      tty-screen (~> 0.6.4)
      wisper (~> 2.0.0)
    tty-screen (0.6.5)
    wisper (2.0.0)

PLATFORMS
  ruby

DEPENDENCIES
  bundler
  epg_util!
  rake

BUNDLED WITH
   1.17.3
