PATH
  remote: .
  specs:
    epg_util (1.8.6)
      everyday-cli-utils (~> 1.8, >= 1.8.6)
      everyday-plugins (~> 1.2)
      everyday_natsort (~> 1.0, >= 1.0.3)
      rbe (~> 4.1, >= 4.1.2.1)

GEM
  remote: https://rubygems.org/
  specs:
    corefoundation (0.2.0)
      ffi
    everyday-cli-utils (1.8.6)
    everyday-plugins (1.2.1)
      everyday-cli-utils (~> 1.8, >= 1.8.6)
    everyday_natsort (1.0.3)
    everyday_thor_util (2.0.5)
      everyday-plugins (~> 1.2)
      thor (~> 0.19)
    ffi (1.9.10)
    rake (10.4.2)
    rbe (4.2.1.1)
      everyday_natsort (~> 1.0, >= 1.0.3)
      everyday_thor_util (~> 2.0, >= 2.0.5)
      ruby-keychain (~> 0.3, >= 0.3.2)
      thor (~> 0.19)
    ruby-keychain (0.3.2)
      corefoundation (~> 0.2.0)
      ffi
    thor (0.19.1)

PLATFORMS
  ruby

DEPENDENCIES
  bundler (~> 1.10, >= 1.10.4)
  epg_util!
  rake (~> 10.4)

BUNDLED WITH
   1.11.2
