PATH
  remote: .
  specs:
    epg_util (1.9.1)
      everyday-cli-utils (~> 1.8, >= 1.8.7.1)
      everyday-plugins (~> 1.2, >= 1.2.1)
      everyday_natsort (~> 1.0, >= 1.0.3)
      rbe (~> 5.0, >= 5.0.0)

GEM
  remote: https://rubygems.org/
  specs:
    corefoundation (0.2.0)
      ffi
    everyday-cli-utils (1.8.7.1)
    everyday-plugins (1.2.1)
      everyday-cli-utils (~> 1.8, >= 1.8.6)
    everyday_natsort (1.0.3)
    everyday_thor_util (2.0.7)
      everyday-plugins (~> 1.2, >= 1.2.1)
      thor (~> 0.19)
    ffi (1.9.18)
    rake (12.1.0)
    rbe (5.1.5)
      everyday_natsort (~> 1.0, >= 1.0.3)
      everyday_thor_util (~> 2.0, >= 2.0.7)
      ruby-keychain (~> 0.3, >= 0.3.2)
      thor (~> 0.20, >= 0.20.0)
    ruby-keychain (0.3.2)
      corefoundation (~> 0.2.0)
      ffi
    thor (0.20.0)

PLATFORMS
  ruby

DEPENDENCIES
  bundler
  epg_util!
  rake

BUNDLED WITH
   1.15.4
